PATH
  remote: .
  specs:
    nuclear (0.1)
      modulation (= 0.11)
      nio4r (= 2.3.1)
      timers (= 4.1.2)

GEM
  remote: https://rubygems.org/
  specs:
    hitimes (1.3.0)
    modulation (0.11)
    nio4r (2.3.1)
    timers (4.1.2)
      hitimes

PLATFORMS
  ruby

DEPENDENCIES
  nuclear!

BUNDLED WITH
   1.16.1
