PATH
  remote: .
  specs:
    nuclear (0.3)
      modulation (= 0.15)
      nio4r (= 2.3.1)

GEM
  remote: https://rubygems.org/
  specs:
    modulation (0.15)
    nio4r (2.3.1)

PLATFORMS
  ruby

DEPENDENCIES
  nuclear!

BUNDLED WITH
   1.16.1
