PATH
  remote: .
  specs:
    polyphony (0.18)
      http-2 (= 0.10.0)
      http_parser.rb (= 0.6.0)
      modulation (= 0.24)

GEM
  remote: https://rubygems.org/
  specs:
    hiredis (0.6.3)
    http-2 (0.10.0)
    http_parser.rb (0.6.0)
    httparty (0.17.0)
      mime-types (~> 3.0)
      multi_xml (>= 0.5.2)
    localhost (1.1.4)
    mime-types (3.2.2)
      mime-types-data (~> 3.2015)
    mime-types-data (3.2019.0331)
    minitest (5.11.3)
    modulation (0.24)
    multi_xml (0.6.0)
    pg (1.1.3)
    rake (12.3.2)
    rake-compiler (1.0.5)
      rake
    redis (4.1.0)
    websocket (1.2.8)

PLATFORMS
  ruby

DEPENDENCIES
  hiredis (= 0.6.3)
  httparty (= 0.17.0)
  localhost (= 1.1.4)
  minitest (= 5.11.3)
  pg (= 1.1.3)
  polyphony!
  rake-compiler (= 1.0.5)
  redis (= 4.1.0)
  websocket (= 1.2.8)

BUNDLED WITH
   1.17.2
