PATH
  remote: .
  specs:
    nuclear (0.8)
      http-2 (= 0.10.0)
      http_parser.rb (= 0.6.0)
      modulation (= 0.15)

GEM
  remote: https://rubygems.org/
  specs:
    http-2 (0.10.0)
    http_parser.rb (0.6.0)
    minitest (5.11.3)
    modulation (0.15)
    rake (12.3.1)
    rake-compiler (1.0.5)
      rake

PLATFORMS
  ruby

DEPENDENCIES
  minitest (= 5.11.3)
  nuclear!
  rake-compiler (= 1.0.5)

BUNDLED WITH
   1.16.5
