PATH
  remote: .
  specs:
    polyphony (0.12)
      http-2 (= 0.10.0)
      http_parser.rb (= 0.6.0)
      modulation (= 0.18)

GEM
  remote: https://rubygems.org/
  specs:
    http-2 (0.10.0)
    http_parser.rb (0.6.0)
    localhost (1.1.4)
    minitest (5.11.3)
    modulation (0.18)
    rake (12.3.2)
    rake-compiler (1.0.5)
      rake

PLATFORMS
  ruby

DEPENDENCIES
  localhost (= 1.1.4)
  minitest (= 5.11.3)
  polyphony!
  rake-compiler (= 1.0.5)

BUNDLED WITH
   1.17.2
